GEM
  remote: http://rubygems.org/
  specs:
    RedCloth (4.2.9)
    actionmailer (1.3.4)
      actionpack (= 1.13.4)
    actionpack (1.13.4)
      activesupport (= 1.4.3)
    actionwebservice (1.2.4)
      actionpack (= 1.13.4)
      activerecord (= 1.15.4)
    activerecord (1.15.4)
      activesupport (= 1.4.3)
    activesupport (1.4.3)
    rails (1.2.4)
      actionmailer (= 1.3.4)
      actionpack (= 1.13.4)
      actionwebservice (= 1.2.4)
      activerecord (= 1.15.4)
      activesupport (= 1.4.3)
      rake (>= 0.7.2)
    rake (0.9.6)
    sqlite3 (1.3.4)

PLATFORMS
  ruby

DEPENDENCIES
  RedCloth (< 4.3)
  rails (~> 1.2.4.0)
  rake (< 2.0)
  sqlite3 (< 1.3.5)

RUBY VERSION
   ruby 1.8.7p370

BUNDLED WITH
   1.17.3
