GEM
  remote: http://rubygems.org/
  specs:
    RedCloth (4.2.9)
    actionmailer (2.3.18)
      actionpack (= 2.3.18)
    actionpack (2.3.18)
      activesupport (= 2.3.18)
      rack (~> 1.1.0)
    activerecord (2.3.18)
      activesupport (= 2.3.18)
    activeresource (2.3.18)
      activesupport (= 2.3.18)
    activesupport (2.3.18)
    rack (1.1.6)
    rails (2.3.18)
      actionmailer (= 2.3.18)
      actionpack (= 2.3.18)
      activerecord (= 2.3.18)
      activeresource (= 2.3.18)
      activesupport (= 2.3.18)
      rake (>= 0.8.3)
    rake (0.9.6)
    sqlite3 (1.3.4)

PLATFORMS
  ruby

DEPENDENCIES
  RedCloth (< 4.3)
  rails (~> 2.0)
  rake (< 2.0)
  sqlite3 (< 1.3.5)

RUBY VERSION
   ruby 1.8.7p370

BUNDLED WITH
   1.17.3
